GEM
  remote: https://rubygems.org/
  specs:
    coderay (1.1.2)
    dotenv (2.7.5)
    excon (0.67.0)
    faraday (0.15.4)
      multipart-post (>= 1.2, < 3)
    gibbon (3.2.0)
      faraday (>= 0.9.1)
      multi_json (>= 1.11.0)
    httparty (0.17.1)
      mime-types (~> 3.0)
      multi_xml (>= 0.5.2)
    json (2.2.0)
    mail (2.7.1)
      mini_mime (>= 0.1.1)
    mailchimp (0.0.9)
      httparty
    mailchimp-api (2.0.6)
      excon (>= 0.16.0)
      json (>= 1.7.7)
    method_source (0.9.2)
    mime-types (3.3)
      mime-types-data (~> 3.2015)
    mime-types-data (3.2019.0904)
    mini_mime (1.0.2)
    multi_json (1.13.1)
    multi_xml (0.6.0)
    multipart-post (2.1.1)
    mustermann (1.0.3)
    nio4r (2.5.8)
    pony (1.13.1)
      mail (>= 2.0)
    pry (0.12.2)
      coderay (~> 1.1.0)
      method_source (~> 0.9.0)
    pry-nav (0.3.0)
      pry (>= 0.9.10, < 0.13.0)
    puma (4.3.9)
      nio4r (~> 2.0)
    rack (2.0.7)
    rack-olark (0.2.1)
      rack (>= 1.2.0)
    rack-protection (2.0.7)
      rack
    rack-ssl-enforcer (0.2.9)
    shotgun (0.9.2)
      rack (>= 1.0)
    sinatra (2.0.7)
      mustermann (~> 1.0)
      rack (~> 2.0)
      rack-protection (= 2.0.7)
      tilt (~> 2.0)
    tilt (2.0.10)

PLATFORMS
  ruby

DEPENDENCIES
  dotenv
  gibbon
  mailchimp
  mailchimp-api
  pony
  pry
  pry-nav
  puma
  rack
  rack-olark
  rack-ssl-enforcer
  shotgun
  sinatra

RUBY VERSION
   ruby 2.6.1p33

BUNDLED WITH
   1.17.2
